RESTRICTION: >= net461
NUGET
  remote: https://www.nuget.org/api/v2
    FSharp.Core (4.2.3)
    Newtonsoft.Json (10.0.3)
